GEM
  remote: http://rubygems.org/
  specs:
    ansi (1.5.0)
    builder (3.2.4)
    minitest (5.18.0)
    minitest-reporters (1.6.0)
      ansi
      builder
      minitest (>= 5.0)
      ruby-progressbar
    minitest-runners (1.1.8)
    rake (13.0.6)
    ruby-progressbar (1.13.0)
    tanraku (1.0.1)

PLATFORMS
  x64-mingw-ucrt

DEPENDENCIES
  bundler
  minitest-reporters
  minitest-runners
  rake
  tanraku

BUNDLED WITH
   2.4.8
