GEM
  remote: http://rubygems.org/
  specs:
    diff-lcs (1.2.5)
    rake (10.5.0)
    rspec (3.4.0)
      rspec-core (~> 3.4.0)
      rspec-expectations (~> 3.4.0)
      rspec-mocks (~> 3.4.0)
    rspec-core (3.4.2)
      rspec-support (~> 3.4.0)
    rspec-expectations (3.4.0)
      diff-lcs (>= 1.2.0, < 2.0)
      rspec-support (~> 3.4.0)
    rspec-mocks (3.4.1)
      diff-lcs (>= 1.2.0, < 2.0)
      rspec-support (~> 3.4.0)
    rspec-support (3.4.1)
    tanraku (0.0.9)

PLATFORMS
  ruby
  x86-mingw32

DEPENDENCIES
  bundler
  rake
  rspec
  tanraku

BUNDLED WITH
   1.16.1
